PATH
  remote: .
  specs:
    rbzip2 (0.2.0)

GEM
  remote: http://rubygems.org/
  specs:
    diff-lcs (1.1.3)
    metaclass (0.0.1)
    mocha (0.10.0)
      metaclass (~> 0.0.1)
    rake (0.9.2.2)
    rspec-core (2.7.1)
    rspec-expectations (2.7.0)
      diff-lcs (~> 1.1.2)
    yard (0.7.3)

PLATFORMS
  ruby

DEPENDENCIES
  mocha (~> 0.10.0)
  rake (~> 0.9.2)
  rbzip2!
  rspec-core (~> 2.7.1)
  rspec-expectations (~> 2.7.0)
  yard (~> 0.7.3)
